GEM
  remote: https://rubygems.org/
  specs:
    awesome_print (1.8.0)
    faraday (0.15.4)
      multipart-post (>= 1.2, < 3)
    logger (1.3.0)
    multipart-post (2.1.1)
    oj (3.7.12)
    togglv8 (1.2.1)
      faraday
      logger
      oj

PLATFORMS
  ruby

DEPENDENCIES
  awesome_print
  togglv8

BUNDLED WITH
   1.17.2
